GEM
  remote: http://rubygems.org/
  specs:
    recursive-open-struct (0.5.0)

PLATFORMS
  ruby

DEPENDENCIES
  recursive-open-struct
